PATH
  remote: ../api
  specs:
    koda-api (0.0.1)
      bson_ext
      dalli
      json
      mongo
      mongoid
      rack-methodoverride-with-params
      shared-mime-info
      sinatra

PATH
  remote: ../ui
  specs:
    koda-ui (0.0.1)
      koda-api

GEM
  remote: https://rubygems.org/
  specs:
    activemodel (3.2.15)
      activesupport (= 3.2.15)
      builder (~> 3.0.0)
    activesupport (3.2.15)
      i18n (~> 0.6, >= 0.6.4)
      multi_json (~> 1.0)
    bson (1.8.3)
    bson_ext (1.8.3)
      bson (~> 1.8.3)
    builder (3.0.4)
    dalli (2.6.2)
    faraday (0.8.8)
      multipart-post (~> 1.2.0)
    hashie (2.0.5)
    httmultiparty (0.3.10)
      httparty (>= 0.7.3)
      multipart-post
    httparty (0.12.0)
      json (~> 1.8)
      multi_xml (>= 0.5.2)
    httpauth (0.2.0)
    i18n (0.6.5)
    json (1.8.1)
    jwt (0.1.8)
      multi_json (>= 1.5)
    koda-omniauth (0.0.1)
      koda-api
      omniauth
      omniauth-github
      sinatra
    mongo (1.8.3)
      bson (~> 1.8.3)
    mongoid (3.1.2)
      activemodel (~> 3.2)
      moped (~> 1.4.2)
      origin (~> 1.0)
      tzinfo (~> 0.3.22)
    moped (1.4.3)
    multi_json (1.8.2)
    multi_xml (0.5.5)
    multipart-post (1.2.0)
    oauth2 (0.8.1)
      faraday (~> 0.8)
      httpauth (~> 0.1)
      jwt (~> 0.1.4)
      multi_json (~> 1.0)
      rack (~> 1.2)
    omniauth (1.1.4)
      hashie (>= 1.2, < 3)
      rack
    omniauth-github (1.1.1)
      omniauth (~> 1.0)
      omniauth-oauth2 (~> 1.1)
    omniauth-oauth2 (1.1.1)
      oauth2 (~> 0.8.0)
      omniauth (~> 1.0)
    origin (1.0.11)
    rack (1.5.2)
    rack-methodoverride-with-params (1.0.0)
      rack (~> 1)
    rack-protection (1.5.0)
      rack
    shared-mime-info (0.1)
    sinatra (1.4.3)
      rack (~> 1.4)
      rack-protection (~> 1.4)
      tilt (~> 1.3, >= 1.3.4)
    tilt (1.4.1)
    tzinfo (0.3.38)

PLATFORMS
  ruby

DEPENDENCIES
  httmultiparty
  json
  koda-api!
  koda-omniauth
  koda-ui!
  sinatra
